GEM
  remote: http://rubygems.org/
  specs:
    andand (1.3.3)
    diff-lcs (1.1.3)
    memoizer (1.0.1)
    rspec (2.12.0)
      rspec-core (~> 2.12.0)
      rspec-expectations (~> 2.12.0)
      rspec-mocks (~> 2.12.0)
    rspec-core (2.12.2)
    rspec-expectations (2.12.1)
      diff-lcs (~> 1.1.3)
    rspec-mocks (2.12.1)

PLATFORMS
  ruby

DEPENDENCIES
  andand
  memoizer
  rspec
